RESTRICTION: == net45
NUGET
  remote: https://www.nuget.org/api/v2
    NUnit (3.10.1)
